PATH
  remote: .
  specs:
    hecks-app (0.1.0)
      activerecord (>= 6, < 8)
      hecks-domain (= 0.1.0)

GEM
  remote: https://rubygems.org/
  specs:
    activemodel (7.0.4.2)
      activesupport (= 7.0.4.2)
    activerecord (7.0.4.2)
      activemodel (= 7.0.4.2)
      activesupport (= 7.0.4.2)
    activesupport (7.0.4.2)
      concurrent-ruby (~> 1.0, >= 1.0.2)
      i18n (>= 1.6, < 2)
      minitest (>= 5.1)
      tzinfo (~> 2.0)
    colorize (0.8.1)
    concurrent-ruby (1.2.0)
    erubis (2.7.0)
    hecks-domain (0.1.0)
      colorize (~> 0.8)
      erubis (~> 2.7)
      thor (~> 0.20)
    i18n (1.12.0)
      concurrent-ruby (~> 1.0)
    lean_coffee (2)
    minitest (5.17.0)
    thor (0.20.3)
    tzinfo (2.0.6)
      concurrent-ruby (~> 1.0)

PLATFORMS
  ruby

DEPENDENCIES
  hecks-app!
  lean_coffee

BUNDLED WITH
   2.0.2
