PATH
  remote: .
  specs:
    hecks-app (0.1.0)
      activerecord (~> 6.0)
      hecks-domain (= 0.1.0)

GEM
  remote: https://rubygems.org/
  specs:
    activemodel (6.0.2.1)
      activesupport (= 6.0.2.1)
    activerecord (6.0.2.1)
      activemodel (= 6.0.2.1)
      activesupport (= 6.0.2.1)
    activesupport (6.0.2.1)
      concurrent-ruby (~> 1.0, >= 1.0.2)
      i18n (>= 0.7, < 2)
      minitest (~> 5.1)
      tzinfo (~> 1.1)
      zeitwerk (~> 2.2)
    colorize (0.8.1)
    concurrent-ruby (1.1.5)
    erubis (2.7.0)
    hecks-domain (0.1.0)
      colorize (~> 0.8)
      erubis (~> 2.7)
      thor (~> 0.20)
    i18n (1.7.0)
      concurrent-ruby (~> 1.0)
    lean_coffee (2)
    minitest (5.13.0)
    thor (0.20.3)
    thread_safe (0.3.6)
    tzinfo (1.2.5)
      thread_safe (~> 0.1)
    zeitwerk (2.2.2)

PLATFORMS
  ruby

DEPENDENCIES
  hecks-app!
  lean_coffee

BUNDLED WITH
   2.0.2
