PATH
  remote: .
  specs:
    hecks-app (0.1.0)
      activerecord (~> 5.2)
      hecks-domain (~> 0.1)

GEM
  remote: https://rubygems.org/
  specs:
    activemodel (5.2.3)
      activesupport (= 5.2.3)
    activerecord (5.2.3)
      activemodel (= 5.2.3)
      activesupport (= 5.2.3)
      arel (>= 9.0)
    activesupport (5.2.3)
      concurrent-ruby (~> 1.0, >= 1.0.2)
      i18n (>= 0.7, < 2)
      minitest (~> 5.1)
      tzinfo (~> 1.1)
    arel (9.0.0)
    concurrent-ruby (1.1.5)
    hecks-domain (0.2.0)
      activesupport (~> 5.0)
      thor (~> 0.19)
    i18n (1.6.0)
      concurrent-ruby (~> 1.0)
    lean_coffee (0.1.0)
    minitest (5.11.3)
    thor (0.20.3)
    thread_safe (0.3.6)
    tzinfo (1.2.5)
      thread_safe (~> 0.1)

PLATFORMS
  ruby

DEPENDENCIES
  hecks-app!
  lean_coffee

BUNDLED WITH
   2.0.2
